PATH
  remote: .
  specs:
    prop (2.9.0)

GEM
  remote: https://rubygems.org/
  specs:
    activesupport (7.0.8)
      concurrent-ruby (~> 1.0, >= 1.0.2)
      i18n (>= 1.6, < 2)
      minitest (>= 5.1)
      tzinfo (~> 2.0)
    concurrent-ruby (1.2.3)
    i18n (1.14.1)
      concurrent-ruby (~> 1.0)
    maxitest (4.5.0)
      minitest (>= 5.0.0, < 5.19.0)
    minitest (5.18.1)
    mocha (2.1.0)
      ruby2_keywords (>= 0.0.5)
    rake (13.1.0)
    ruby2_keywords (0.0.5)
    tzinfo (2.0.6)
      concurrent-ruby (~> 1.0)

PLATFORMS
  java
  ruby

DEPENDENCIES
  activesupport (~> 7.0.0)
  maxitest (< 5)
  mocha
  prop!
  rake

BUNDLED WITH
   2.5.6
